PATH
  remote: .
  specs:
    scrypt (1.2.0)
      ffi-compiler (>= 0.0.2)
      rake

GEM
  remote: http://rubygems.org/
  specs:
    awesome_print (1.1.0)
    diff-lcs (1.2.4)
    ffi (1.9.0)
    ffi-compiler (0.1.3)
      ffi (>= 1.0.0)
      rake
    json (1.8.0)
    rake (10.1.0)
    rdoc (4.0.1)
      json (~> 1.4)
    rspec (2.14.0)
      rspec-core (~> 2.14.0)
      rspec-expectations (~> 2.14.0)
      rspec-mocks (~> 2.14.0)
    rspec-core (2.14.0)
    rspec-expectations (2.14.0)
      diff-lcs (>= 1.1.3, < 2.0)
    rspec-mocks (2.14.1)

PLATFORMS
  ruby

DEPENDENCIES
  awesome_print
  rdoc
  rspec
  scrypt!
